GEM
  remote: https://rubygems.org/
  specs:
    ast (2.4.2)
    nio4r (2.5.7)
    opal (1.1.1)
      ast (>= 2.3.0)
      parser (~> 3.0)
    opal-browser (0.2.0)
      opal
      paggio
    paggio (0.2.6)
    parser (3.0.1.1)
      ast (~> 2.4.1)
    puma (5.3.1)
      nio4r (~> 2.0)
    rack (2.2.3)

PLATFORMS
  x86_64-darwin-20

DEPENDENCIES
  opal
  opal-browser
  puma
  rack

BUNDLED WITH
   2.2.16
